GEM
  remote: https://rubygems.org/
  specs:
    faraday (0.10.0)
      multipart-post (>= 1.2, < 3)
    faraday_middleware (0.10.1)
      faraday (>= 0.7.4, < 1.0)
    multipart-post (2.0.0)
    thor (0.19.4)

PLATFORMS
  ruby

DEPENDENCIES
  faraday
  faraday_middleware
  thor

BUNDLED WITH
   1.13.7
